GEM
  remote: https://rubygems.org/
  specs:
    better_errors (0.9.0)
      coderay (>= 1.0.0)
      erubis (>= 2.6.6)
    binding_of_caller (0.7.2)
      debug_inspector (>= 0.0.1)
    coderay (1.0.9)
    dalli (2.6.4)
    debug_inspector (0.0.2)
    erubis (2.7.0)
    memcachier (0.0.2)
    puma (2.2.2)
      rack (>= 1.1, < 2.0)
    rack (1.5.2)
    rack-protection (1.5.0)
      rack
    sinatra (1.4.3)
      rack (~> 1.4)
      rack-protection (~> 1.4)
      tilt (~> 1.3, >= 1.3.4)
    sinatra-env (0.0.2)
    tilt (1.4.1)

PLATFORMS
  ruby

DEPENDENCIES
  better_errors
  binding_of_caller
  dalli
  memcachier
  puma
  sinatra
  sinatra-env
